GEM
  remote: https://rubygems.org/
  specs:
    backports (3.11.0)
    mini_portile2 (2.3.0)
    multi_json (1.13.1)
    mustermann (1.0.1)
    nokogiri (1.8.1)
      mini_portile2 (~> 2.3.0)
    rack (2.0.3)
    rack-protection (2.0.0)
      rack
    redis (4.0.0)
    sinatra (2.0.0)
      mustermann (~> 1.0)
      rack (~> 2.0)
      rack-protection (= 2.0.0)
      tilt (~> 2.0)
    sinatra-contrib (2.0.0)
      backports (>= 2.0)
      multi_json
      mustermann (~> 1.0)
      rack-protection (= 2.0.0)
      sinatra (= 2.0.0)
      tilt (>= 1.3, < 3)
    tilt (2.0.8)
    wolfram (0.2.1)
      nokogiri (>= 1.4.3)

PLATFORMS
  ruby

DEPENDENCIES
  redis
  sinatra
  sinatra-contrib
  wolfram

BUNDLED WITH
   1.15.4
